PATH
  remote: .
  specs:
    abrio (0.0.5)

GEM
  remote: http://rubygems.org/
  specs:
    fakeweb (1.3.0)
    metaclass (0.0.1)
    mocha (0.10.4)
      metaclass (~> 0.0.1)

PLATFORMS
  ruby

DEPENDENCIES
  abrio!
  fakeweb (~> 1.3.0)
  mocha (~> 0.10.0)
